PATH
  remote: .
  specs:
    rops (1.4.0)
      activesupport (~> 7.0.3)
      dry-cli (~> 0.7.0)
      git (>= 1.9.1, < 1.14.0)
      hashdiff (~> 1.0.1)
      liquid (~> 5.4.0)
      net-ssh (~> 6.1.0)
      ptools (~> 1.4.2)

GEM
  remote: https://rubygems.org/
  specs:
    activesupport (7.0.3.1)
      concurrent-ruby (~> 1.0, >= 1.0.2)
      i18n (>= 1.6, < 2)
      minitest (>= 5.1)
      tzinfo (~> 2.0)
    addressable (2.8.1)
      public_suffix (>= 2.0.2, < 6.0)
    concurrent-ruby (1.1.10)
    crack (0.4.5)
      rexml
    diff-lcs (1.5.0)
    dry-cli (0.7.0)
    git (1.13.0)
      addressable (~> 2.8)
      rchardet (~> 1.8)
    hashdiff (1.0.1)
    i18n (1.12.0)
      concurrent-ruby (~> 1.0)
    liquid (5.4.0)
    minitest (5.16.2)
    net-ssh (6.1.0)
    ptools (1.4.2)
    public_suffix (5.0.1)
    rchardet (1.8.0)
    rexml (3.2.5)
    rspec (3.12.0)
      rspec-core (~> 3.12.0)
      rspec-expectations (~> 3.12.0)
      rspec-mocks (~> 3.12.0)
    rspec-core (3.12.0)
      rspec-support (~> 3.12.0)
    rspec-expectations (3.12.0)
      diff-lcs (>= 1.2.0, < 2.0)
      rspec-support (~> 3.12.0)
    rspec-mocks (3.12.1)
      diff-lcs (>= 1.2.0, < 2.0)
      rspec-support (~> 3.12.0)
    rspec-support (3.12.0)
    tzinfo (2.0.5)
      concurrent-ruby (~> 1.0)
    webmock (3.18.1)
      addressable (>= 2.8.0)
      crack (>= 0.3.2)
      hashdiff (>= 0.4.0, < 2.0.0)

PLATFORMS
  x86_64-linux

DEPENDENCIES
  rops!
  rspec
  webmock

BUNDLED WITH
   2.3.19
